GEM
  remote: https://rubygems.org/
  specs:
    ansi (1.5.0)
    hashie (3.4.6)
    itamae (1.9.10)
      ansi
      hashie
      schash (~> 0.1.0)
      specinfra (>= 2.64.0, < 3.0.0)
      thor
    itamae-plugin-recipe-selinux (0.0.5)
      itamae
    net-scp (1.2.1)
      net-ssh (>= 2.6.5)
    net-ssh (3.2.0)
    net-telnet (0.1.1)
    schash (0.1.2)
    sfl (2.3)
    specinfra (2.66.3)
      net-scp
      net-ssh (>= 2.7, < 4.0)
      net-telnet
      sfl
    thor (0.19.4)
    unix-crypt (1.3.0)

PLATFORMS
  ruby

DEPENDENCIES
  itamae
  itamae-plugin-recipe-selinux
  unix-crypt

BUNDLED WITH
   1.13.6
